GEM
  remote: http://gems.github.com/
  remote: http://rubygems.org/
  specs:
    git (1.2.5)
    json_pure (1.5.0)
    rake (0.8.7)
    rcov (0.9.9)
    rspec (1.3.1)
    rubyforge (2.0.4)
      json_pure (>= 1.1.7)
    technicalpickles-jeweler (1.2.1)
      git (>= 1.2.1)
      rubyforge

PLATFORMS
  ruby

DEPENDENCIES
  rake
  rcov
  rspec (< 2.0.0)
  rubyforge
  technicalpickles-jeweler
